PATH
  remote: .
  specs:
    gsmetrics (0.0.1)

GEM
  specs:
    builder (3.0.0)
    httparty (0.8.1)
      multi_json
      multi_xml
    multi_json (1.0.3)
    multi_xml (0.4.1)

PLATFORMS
  ruby

DEPENDENCIES
  builder
  gsmetrics!
  httparty
